GEM
  remote: https://rubygems.org/
  specs:
    faraday (0.8.9)
      multipart-post (~> 1.2.0)
    faraday_middleware (0.10.0)
      faraday (>= 0.7.4, < 0.10)
    ghee (0.9.12)
      faraday (>= 0.8, < 0.9)
      faraday_middleware (~> 0.9)
      hashie (~> 3.3.2)
      highline (~> 1.6.15)
      multi_json (~> 1.3)
    git (1.2.9.1)
    hashie (3.3.2)
    highline (1.6.21)
    multi_json (1.11.2)
    multipart-post (1.2.0)
    rake (10.4.2)
    starter (0.2.1)
      ghee (~> 0.9.11)
      git (~> 1.2.6)
      term-ansicolor (~> 1.3.0)
    term-ansicolor (1.3.2)
      tins (~> 1.0)
    tins (1.5.4)

PLATFORMS
  ruby

DEPENDENCIES
  rake
  starter

BUNDLED WITH
   1.10.5
